GEM
  remote: https://rubygems.org/
  specs:
    logger (1.6.6)
    webrick (1.9.1)

PLATFORMS
  arm64-darwin-24
  x86_64-linux

DEPENDENCIES
  logger (~> 1.6)
  webrick (~> 1.9)

BUNDLED WITH
   2.6.3
